GEM
  remote: https://rubygems.org/
  specs:
    docile (1.3.2)
    json (2.3.1)
    mandate (0.3.0)
    minitest (5.14.2)
    minitest-stub-const (0.6)
    mocha (1.11.2)
    rake (13.0.1)
    simplecov (0.17.1)
      docile (~> 1.1)
      json (>= 1.8, < 3)
      simplecov-html (~> 0.10.0)
    simplecov-html (0.10.2)

PLATFORMS
  ruby

DEPENDENCIES
  json
  mandate
  minitest (~> 5.10, != 5.10.2)
  minitest-stub-const
  mocha
  rake
  simplecov (~> 0.17.0)

BUNDLED WITH
   2.1.4
