GEM
  remote: https://rubygems.org/
  specs:
    docile (1.3.2)
    httparty (0.18.1)
      mime-types (~> 3.0)
      multi_xml (>= 0.5.2)
    json (2.3.1)
    mandate (0.3.0)
    mime-types (3.3.1)
      mime-types-data (~> 3.2015)
    mime-types-data (3.2021.0225)
    minitest (5.14.2)
    minitest-stub-const (0.6)
    mocha (1.11.2)
    multi_xml (0.6.0)
    rake (13.0.1)
    simplecov (0.17.1)
      docile (~> 1.1)
      json (>= 1.8, < 3)
      simplecov-html (~> 0.10.0)
    simplecov-html (0.10.2)
    zeitwerk (2.4.2)

PLATFORMS
  ruby

DEPENDENCIES
  httparty
  json
  mandate
  minitest (~> 5.10, != 5.10.2)
  minitest-stub-const
  mocha
  rake
  simplecov (~> 0.17.0)
  zeitwerk

BUNDLED WITH
   2.1.4
